GIT
  remote: git://github.com/anjlab/bootstrap-rails.git
  revision: 9182e777aafb258f3741ff82f0672d33245de48d
  specs:
    anjlab-bootstrap-rails (2.1.0.0)
      railties (>= 3.0)
      sass

GIT
  remote: git://github.com/ballantyne/omniauth-douban.git
  revision: e3173ec1aa0c8572def6f696e5b2f8dadc7fa834
  specs:
    omniauth-douban (1.0.1)
      multi_json
      omniauth (~> 1.1.0)
      omniauth-oauth (~> 1.0.1)

GIT
  remote: git://github.com/ichord/jquery-atwho-rails.git
  revision: ceda350c26718fee539ad6c61be97acc82dd001c
  specs:
    jquery-atwho-rails (0.1.6)

GEM
  remote: http://rubygems.org/
  specs:
    actionmailer (3.2.2)
      actionpack (= 3.2.2)
      mail (~> 2.4.0)
    actionpack (3.2.2)
      activemodel (= 3.2.2)
      activesupport (= 3.2.2)
      builder (~> 3.0.0)
      erubis (~> 2.7.0)
      journey (~> 1.0.1)
      rack (~> 1.4.0)
      rack-cache (~> 1.1)
      rack-test (~> 0.6.1)
      sprockets (~> 2.1.2)
    activemodel (3.2.2)
      activesupport (= 3.2.2)
      builder (~> 3.0.0)
    activerecord (3.2.2)
      activemodel (= 3.2.2)
      activesupport (= 3.2.2)
      arel (~> 3.0.2)
      tzinfo (~> 0.3.29)
    activeresource (3.2.2)
      activemodel (= 3.2.2)
      activesupport (= 3.2.2)
    activesupport (3.2.2)
      i18n (~> 0.6)
      multi_json (~> 1.0)
    arel (3.0.2)
    bcrypt-ruby (3.0.1)
    blankslate (2.1.2.4)
    bootstrap-will_paginate (0.0.7)
      will_paginate
    bson (1.6.4)
    bson_ext (1.6.4)
      bson (~> 1.6.4)
    builder (3.0.0)
    coffee-rails (3.2.2)
      coffee-script (>= 2.2.0)
      railties (~> 3.2.0)
    coffee-script (2.2.0)
      coffee-script-source
      execjs
    coffee-script-source (1.3.3)
    devise (2.1.2)
      bcrypt-ruby (~> 3.0)
      orm_adapter (~> 0.1)
      railties (~> 3.1)
      warden (~> 1.2.1)
    erubis (2.7.0)
    execjs (1.4.0)
      multi_json (~> 1.0)
    faraday (0.8.4)
      multipart-post (~> 1.1)
    ffi (1.0.11)
    gravtastic (3.2.6)
    haml (3.1.7)
    hashie (1.2.0)
    hike (1.2.1)
    hpricot (0.8.6)
    httpauth (0.1)
    i18n (0.6.0)
    journey (1.0.4)
    jquery-rails (2.1.1)
      railties (>= 3.1.0, < 5.0)
      thor (~> 0.14)
    json (1.7.5)
    juggernaut (2.1.1)
      redis
    jwt (0.1.5)
      multi_json (>= 1.0)
    libv8 (3.3.10.4)
    mail (2.4.4)
      i18n (>= 0.4.0)
      mime-types (~> 1.16)
      treetop (~> 1.4.8)
    mime-types (1.19)
    mongo (1.6.2)
      bson (~> 1.6.2)
    mongo-rails-instrumentation (0.2.4)
    mongoid (2.4.12)
      activemodel (~> 3.1)
      mongo (<= 1.6.2)
      tzinfo (~> 0.3.22)
    mongoid_auto_increment_id (0.4.0)
      mongoid (~> 2.4.0)
    mongoid_rails_migrations (0.0.14)
      activesupport (>= 3.0.0)
      bundler (>= 1.0.0)
      rails (>= 3.0.0)
      railties (>= 3.0.0)
    multi_json (1.3.6)
    multipart-post (1.1.5)
    oauth (0.4.6)
    oauth2 (0.8.0)
      faraday (~> 0.8)
      httpauth (~> 0.1)
      jwt (~> 0.1.4)
      multi_json (~> 1.0)
      rack (~> 1.2)
    omniauth (1.1.0)
      hashie (~> 1.2)
      rack
    omniauth-oauth (1.0.1)
      oauth
      omniauth (~> 1.0)
    omniauth-oauth2 (1.1.0)
      oauth2 (~> 0.8.0)
      omniauth (~> 1.0)
    omniauth-openid (1.0.1)
      omniauth (~> 1.0)
      rack-openid (~> 1.3.1)
    omniauth-weibo-oauth2 (0.2.0)
      omniauth (~> 1.0)
      omniauth-oauth2 (~> 1.0)
    orm_adapter (0.4.0)
    polyglot (0.3.3)
    pygments.rb (0.2.13)
      rubypython (~> 0.5.3)
    rack (1.4.1)
    rack-cache (1.2)
      rack (>= 0.4)
    rack-openid (1.3.1)
      rack (>= 1.1.0)
      ruby-openid (>= 2.1.8)
    rack-ssl (1.3.2)
      rack
    rack-test (0.6.1)
      rack (>= 1.0)
    rails (3.2.2)
      actionmailer (= 3.2.2)
      actionpack (= 3.2.2)
      activerecord (= 3.2.2)
      activeresource (= 3.2.2)
      activesupport (= 3.2.2)
      bundler (~> 1.0)
      railties (= 3.2.2)
    rails-i18n (0.1.8)
      i18n (~> 0.5)
    rails_autolink (1.0.9)
      rails (~> 3.1)
    railties (3.2.2)
      actionpack (= 3.2.2)
      activesupport (= 3.2.2)
      rack-ssl (~> 1.3.2)
      rake (>= 0.8.7)
      rdoc (~> 3.4)
      thor (~> 0.14.6)
    rake (0.9.2.2)
    rdoc (3.12)
      json (~> 1.4)
    redcarpet (2.1.1)
    redis (3.0.1)
    ruby-openid (2.2.0)
    rubypython (0.5.3)
      blankslate (>= 2.1.2.3)
      ffi (~> 1.0.7)
    sass (3.2.1)
    sass-rails (3.2.5)
      railties (~> 3.2.0)
      sass (>= 3.1.10)
      tilt (~> 1.3)
    sprockets (2.1.3)
      hike (~> 1.2)
      rack (~> 1.0)
      tilt (~> 1.1, != 1.3.0)
    therubyracer (0.10.2)
      libv8 (~> 3.3.10)
    thor (0.14.6)
    tilt (1.3.3)
    treetop (1.4.10)
      polyglot
      polyglot (>= 0.3.1)
    tzinfo (0.3.33)
    uglifier (1.2.7)
      execjs (>= 0.3.0)
      multi_json (~> 1.3)
    warden (1.2.1)
      rack (>= 1.0)
    wicked_pdf (0.7.9)
    will_paginate (3.0.3)
    will_paginate_mongoid (1.0.5)
      mongoid (~> 2.4)
      will_paginate (~> 3.0.2)

PLATFORMS
  ruby

DEPENDENCIES
  anjlab-bootstrap-rails!
  bootstrap-will_paginate
  bson_ext (~> 1.5)
  coffee-rails (~> 3.2.1)
  devise
  execjs
  gravtastic
  haml
  hpricot (~> 0.8.5)
  jquery-atwho-rails!
  jquery-rails
  juggernaut
  mongo-rails-instrumentation (= 0.2.4)
  mongoid (~> 2.4)
  mongoid_auto_increment_id (= 0.4.0)
  mongoid_rails_migrations (~> 0.0.14)
  omniauth
  omniauth-douban!
  omniauth-openid (~> 1.0.1)
  omniauth-weibo-oauth2
  pygments.rb (~> 0.2.4)
  rails (= 3.2.2)
  rails-i18n (= 0.1.8)
  rails_autolink (>= 1.0.4)
  redcarpet
  sass-rails (~> 3.2.3)
  therubyracer
  uglifier (>= 1.0.3)
  wicked_pdf
  will_paginate
  will_paginate_mongoid (~> 1.0.2)
